GEM
  remote: https://rubygems.org/
  specs:
    builder (3.2.2)
    public_suffix (1.4.6)
    rack (1.5.2)
    rack-protection (1.5.3)
      rack
    sinatra (1.4.5)
      rack (~> 1.4)
      rack-protection (~> 1.4)
      tilt (~> 1.3, >= 1.3.4)
    tilt (1.4.1)
    tinyatom (0.3.6)
      builder (> 0)
      public_suffix (> 0)

PLATFORMS
  ruby

DEPENDENCIES
  sinatra
  tinyatom
